PATH
  remote: .
  specs:
    chronic18n (0.0.4)
      chronic
      cld
      countries

GEM
  remote: http://rubygems.org/
  specs:
    chronic (0.10.2)
    cld (0.7.0)
      ffi
    concurrent-ruby (1.0.5)
    countries (2.1.4)
      i18n_data (~> 0.8.0)
      money (~> 6.9)
      sixarm_ruby_unaccent (~> 1.1)
      unicode_utils (~> 1.4)
    diff-lcs (1.3)
    ffi (1.9.25)
    i18n (1.0.1)
      concurrent-ruby (~> 1.0)
    i18n_data (0.8.0)
    money (6.11.3)
      i18n (>= 0.6.4, < 1.1)
    rspec (3.8.0)
      rspec-core (~> 3.8.0)
      rspec-expectations (~> 3.8.0)
      rspec-mocks (~> 3.8.0)
    rspec-core (3.8.0)
      rspec-support (~> 3.8.0)
    rspec-expectations (3.8.1)
      diff-lcs (>= 1.2.0, < 2.0)
      rspec-support (~> 3.8.0)
    rspec-mocks (3.8.0)
      diff-lcs (>= 1.2.0, < 2.0)
      rspec-support (~> 3.8.0)
    rspec-support (3.8.0)
    rspec_junit_formatter (0.4.1)
      rspec-core (>= 2, < 4, != 2.12.0)
    sixarm_ruby_unaccent (1.2.0)
    timecop (0.9.1)
    unicode_utils (1.4.0)

PLATFORMS
  ruby

DEPENDENCIES
  chronic18n!
  rspec
  rspec_junit_formatter (~> 0.4.1)
  timecop

BUNDLED WITH
   1.16.1
